PATH
  remote: .
  specs:
    zoom_search_s4m (0.3.6)
      nokogiri (= 1.7.1)

GEM
  remote: https://rubygems.org/
  specs:
    certified (1.0.0)
    coderay (1.1.1)
    diff-lcs (1.3)
    method_source (0.8.2)
    mini_portile2 (2.1.0)
    nokogiri (1.7.1)
      mini_portile2 (~> 2.1.0)
    pry (0.10.4)
      coderay (~> 1.1.0)
      method_source (~> 0.8.1)
      slop (~> 3.4)
    rake (10.5.0)
    rspec (3.5.0)
      rspec-core (~> 3.5.0)
      rspec-expectations (~> 3.5.0)
      rspec-mocks (~> 3.5.0)
    rspec-core (3.5.4)
      rspec-support (~> 3.5.0)
    rspec-expectations (3.5.0)
      diff-lcs (>= 1.2.0, < 2.0)
      rspec-support (~> 3.5.0)
    rspec-mocks (3.5.0)
      diff-lcs (>= 1.2.0, < 2.0)
      rspec-support (~> 3.5.0)
    rspec-support (3.5.0)
    slop (3.6.0)

PLATFORMS
  ruby

DEPENDENCIES
  bundler (~> 1.14)
  certified (= 1.0.0)
  pry (~> 0.10.1)
  rake (~> 10.0)
  rspec (~> 3.0)
  zoom_search_s4m!

BUNDLED WITH
   1.14.6
